GEM
  remote: https://rubygems.org/
  specs:
    actionmailer (4.1.14)
      actionpack (= 4.1.14)
      actionview (= 4.1.14)
      mail (~> 2.5, >= 2.5.4)
    actionpack (4.1.14)
      actionview (= 4.1.14)
      activesupport (= 4.1.14)
      rack (~> 1.5.2)
      rack-test (~> 0.6.2)
    actionview (4.1.14)
      activesupport (= 4.1.14)
      builder (~> 3.1)
      erubis (~> 2.7.0)
    activemodel (4.1.14)
      activesupport (= 4.1.14)
      builder (~> 3.1)
    activerecord (4.1.14)
      activemodel (= 4.1.14)
      activesupport (= 4.1.14)
      arel (~> 5.0.0)
    activesupport (4.1.14)
      i18n (~> 0.6, >= 0.6.9)
      json (~> 1.7, >= 1.7.7)
      minitest (~> 5.1)
      thread_safe (~> 0.1)
      tzinfo (~> 1.1)
    arel (5.0.1.20140414130214)
    autoprefixer-rails (6.1.1)
      execjs
      json
    awesome_print (1.6.1)
    bcrypt-ruby (3.1.2)
    bootstrap-sass (3.3.6)
      autoprefixer-rails (>= 5.2.1)
      sass (>= 3.3.4)
    bootstrap-will_paginate (0.0.9)
      will_paginate
    builder (3.2.2)
    byebug (8.2.1)
    capybara (2.5.0)
      mime-types (>= 1.16)
      nokogiri (>= 1.3.3)
      rack (>= 1.0.0)
      rack-test (>= 0.5.4)
      xpath (~> 2.0)
    childprocess (0.5.8)
      ffi (~> 1.0, >= 1.0.11)
    coffee-rails (4.0.1)
      coffee-script (>= 2.2.0)
      railties (>= 4.0.0, < 5.0)
    coffee-script (2.4.1)
      coffee-script-source
      execjs
    coffee-script-source (1.10.0)
    database_cleaner (1.3.0)
    diff-lcs (1.2.5)
    docile (1.1.5)
    erubis (2.7.0)
    execjs (2.6.0)
    factory_girl (4.5.0)
      activesupport (>= 3.0.0)
    factory_girl_rails (4.5.0)
      factory_girl (~> 4.5.0)
      railties (>= 3.0.0)
    faker (1.5.0)
      i18n (~> 0.5)
    ffi (1.9.10)
    figaro (1.1.1)
      thor (~> 0.14)
    friendly_id (5.1.0)
      activerecord (>= 4.0.0)
    googlebooks (0.0.9)
      httparty
    httparty (0.13.7)
      json (~> 1.8)
      multi_xml (>= 0.5.2)
    i18n (0.7.0)
    jbuilder (1.0.2)
      activesupport (>= 3.0.0)
    jquery-rails (2.2.1)
      railties (>= 3.0, < 5.0)
      thor (>= 0.14, < 2.0)
    json (1.8.3)
    json_pure (1.8.3)
    mail (2.6.3)
      mime-types (>= 1.16, < 3)
    mime-types (2.99)
    mini_portile2 (2.0.0)
    minitest (5.8.3)
    multi_json (1.11.2)
    multi_xml (0.5.5)
    nokogiri (1.6.7)
      mini_portile2 (~> 2.0.0.rc2)
    pg (0.15.1)
    rack (1.5.5)
    rack-test (0.6.3)
      rack (>= 1.0)
    rails (4.1.14)
      actionmailer (= 4.1.14)
      actionpack (= 4.1.14)
      actionview (= 4.1.14)
      activemodel (= 4.1.14)
      activerecord (= 4.1.14)
      activesupport (= 4.1.14)
      bundler (>= 1.3.0, < 2.0)
      railties (= 4.1.14)
      sprockets-rails (~> 2.0)
    rails_12factor (0.0.2)
      rails_serve_static_assets
      rails_stdout_logging
    rails_serve_static_assets (0.0.4)
    rails_stdout_logging (0.0.4)
    railties (4.1.14)
      actionpack (= 4.1.14)
      activesupport (= 4.1.14)
      rake (>= 0.8.7)
      thor (>= 0.18.1, < 2.0)
    rake (10.4.2)
    rdoc (3.12.2)
      json (~> 1.4)
    redis (3.2.2)
    rspec-core (3.1.7)
      rspec-support (~> 3.1.0)
    rspec-expectations (3.1.2)
      diff-lcs (>= 1.2.0, < 2.0)
      rspec-support (~> 3.1.0)
    rspec-its (1.0.1)
      rspec-core (>= 2.99.0.beta1)
      rspec-expectations (>= 2.99.0.beta1)
    rspec-mocks (3.1.3)
      rspec-support (~> 3.1.0)
    rspec-rails (3.1.0)
      actionpack (>= 3.0)
      activesupport (>= 3.0)
      railties (>= 3.0)
      rspec-core (~> 3.1.0)
      rspec-expectations (~> 3.1.0)
      rspec-mocks (~> 3.1.0)
      rspec-support (~> 3.1.0)
    rspec-support (3.1.2)
    rubyzip (0.9.9)
    sass (3.4.19)
    sass-rails (5.0.4)
      railties (>= 4.0.0, < 5.0)
      sass (~> 3.1)
      sprockets (>= 2.8, < 4.0)
      sprockets-rails (>= 2.0, < 4.0)
      tilt (>= 1.1, < 3)
    sdoc (0.3.20)
      json (>= 1.1.3)
      rdoc (~> 3.10)
    selenium-webdriver (2.0.0)
      childprocess (>= 0.1.9)
      ffi (>= 1.0.7)
      json_pure
      rubyzip
    shoulda-matchers (3.0.1)
      activesupport (>= 4.0.0)
    simplecov (0.11.0)
      docile (~> 1.1.0)
      json (~> 1.8)
      simplecov-html (~> 0.10.0)
    simplecov-html (0.10.0)
    sprockets (3.4.1)
      rack (> 1, < 3)
    sprockets-rails (2.3.3)
      actionpack (>= 3.0)
      activesupport (>= 3.0)
      sprockets (>= 2.8, < 4.0)
    thor (0.19.1)
    thread_safe (0.3.5)
    tilt (2.0.1)
    turbolinks (1.1.1)
      coffee-rails
    tzinfo (1.2.2)
      thread_safe (~> 0.1)
    uglifier (2.1.1)
      execjs (>= 0.3.0)
      multi_json (~> 1.0, >= 1.0.2)
    will_paginate (3.0.4)
    xpath (2.0.0)
      nokogiri (~> 1.3)

PLATFORMS
  ruby

DEPENDENCIES
  awesome_print
  bcrypt-ruby (= 3.1.2)
  bootstrap-sass (~> 3.3, >= 3.3.6)
  bootstrap-will_paginate (= 0.0.9)
  byebug
  capybara
  coffee-rails (~> 4.0.0)
  database_cleaner (~> 1.3.0)
  factory_girl_rails (~> 4.5.0)
  faker (~> 1.5.0)
  figaro (~> 1.1.1)
  friendly_id (~> 5.1.0)
  googlebooks (= 0.0.9)
  jbuilder (= 1.0.2)
  jquery-rails (= 2.2.1)
  pg (= 0.15.1)
  rails (~> 4.1.8)
  rails_12factor (= 0.0.2)
  redis (~> 3.2.1)
  rspec-its (~> 1.0.1)
  rspec-rails (~> 3.1.0)
  rubyzip (~> 0.9.9)
  sass-rails (>= 3.2)
  sdoc (= 0.3.20)
  selenium-webdriver (= 2.0.0)
  shoulda-matchers
  simplecov
  turbolinks (= 1.1.1)
  uglifier (= 2.1.1)
  will_paginate (= 3.0.4)

BUNDLED WITH
   1.10.6
